GEM
  remote: https://rubygems.org/
  specs:
    PriorityQueue (0.1.2)
    activesupport (4.0.13)
      i18n (~> 0.6, >= 0.6.9)
      minitest (~> 4.2)
      multi_json (~> 1.3)
      thread_safe (~> 0.1)
      tzinfo (~> 0.3.37)
    addressable (2.3.8)
    airbrake (4.3.0)
      builder
      multi_json
    ansi (1.5.0)
    builder (3.2.2)
    celluloid (0.17.0)
      bundler
      celluloid-essentials
      celluloid-extras
      celluloid-fsm
      celluloid-pool
      celluloid-supervision
      dotenv
      nenv
      rspec-logsplit (>= 0.1.2)
      timers (~> 4.0.0)
    celluloid-essentials (0.20.1)
      bundler
      dotenv
      nenv
      rspec-logsplit (>= 0.1.2)
      timers (~> 4.0.0)
    celluloid-extras (0.20.0)
      bundler
      dotenv
      nenv
      rspec-logsplit (>= 0.1.2)
      timers (~> 4.0.0)
    celluloid-fsm (0.20.0)
      bundler
      dotenv
      nenv
      rspec-logsplit (>= 0.1.2)
      timers (~> 4.0.0)
    celluloid-pool (0.20.0)
      bundler
      dotenv
      nenv
      rspec-logsplit (>= 0.1.2)
      timers (~> 4.0.0)
    celluloid-supervision (0.20.0)
      bundler
      dotenv
      nenv
      rspec-logsplit (>= 0.1.2)
      timers (~> 4.0.0)
    chronic (0.10.2)
    ci_reporter (1.7.1)
      builder (>= 2.1.2)
    coderay (1.1.1)
    connection_pool (2.2.0)
    crack (0.4.2)
      safe_yaml (~> 1.0.0)
    daemons (1.2.4)
    docile (1.1.5)
    domain_name (0.5.24)
      unf (>= 0.0.5, < 1.0.0)
    dotenv (2.2.1)
    eventmachine (1.2.3)
    ffi (1.9.18)
    foreman (0.83.0)
      thor (~> 0.19.1)
    gds-api-adapters (21.0.0)
      link_header
      lrucache (~> 0.1.1)
      null_logger
      plek
      rack-cache
      rest-client (~> 1.8.0)
    hitimes (1.2.2)
    http-cookie (1.0.2)
      domain_name (~> 0.5)
    i18n (0.8.4)
    json (2.1.0)
    kgio (2.11.0)
    link_header (0.0.8)
    listen (1.3.1)
      rb-fsevent (>= 0.9.3)
      rb-inotify (>= 0.9)
      rb-kqueue (>= 0.2)
    little-plugger (1.1.4)
    logging (2.2.2)
      little-plugger (~> 1.1)
      multi_json (~> 1.10)
    logstash-event (1.2.02)
    lrucache (0.1.4)
      PriorityQueue (~> 0.1.2)
    metaclass (0.0.4)
    method_source (0.8.2)
    mime-types (2.6.1)
    mini_portile (0.6.2)
    minitest (4.7.5)
    mocha (1.2.1)
      metaclass (~> 0.0.1)
    mr-sparkle (0.3.0)
      listen (~> 1.0)
      rb-fsevent (>= 0.9)
      rb-inotify (>= 0.8)
      unicorn (>= 4.5)
    multi_json (1.12.1)
    nenv (0.2.0)
    netrc (0.10.3)
    nokogiri (1.6.6.2)
      mini_portile (~> 0.6.0)
    null_logger (0.0.1)
    plek (2.0.0)
    pry (0.10.4)
      coderay (~> 1.1.0)
      method_source (~> 0.8.1)
      slop (~> 3.4)
    rack (1.6.8)
    rack-cache (1.2)
      rack (>= 0.4)
    rack-logstasher (0.0.3)
      logstash-event
      rack
    rack-protection (1.5.3)
      rack
    rack-test (0.6.3)
      rack (>= 1.0)
    raindrops (0.18.0)
    rake (12.0.0)
    rb-fsevent (0.9.8)
    rb-inotify (0.9.8)
      ffi (>= 0.5.0)
    rb-kqueue (0.2.5)
      ffi (>= 0.5.0)
    redis (3.3.3)
    redis-namespace (1.5.3)
      redis (~> 3.0, >= 3.0.4)
    rest-client (1.8.0)
      http-cookie (>= 1.0.2, < 2.0)
      mime-types (>= 1.16, < 3.0)
      netrc (~> 0.7)
    rspec-logsplit (0.1.3)
    safe_yaml (1.0.4)
    shoulda-context (1.2.2)
    sidekiq (2.13.0)
      celluloid (>= 0.14.1)
      connection_pool (>= 1.0.0)
      json
      redis (>= 3.0)
      redis-namespace
    simplecov (0.14.1)
      docile (~> 1.1.0)
      json (>= 1.8, < 3)
      simplecov-html (~> 0.10.0)
    simplecov-html (0.10.1)
    simplecov-rcov (0.2.3)
      simplecov (>= 0.4.1)
    sinatra (1.3.4)
      rack (~> 1.4)
      rack-protection (~> 1.3)
      tilt (~> 1.3, >= 1.3.3)
    slop (3.6.0)
    thin (1.7.1)
      daemons (~> 1.0, >= 1.0.9)
      eventmachine (~> 1.0, >= 1.0.4)
      rack (>= 1, < 3)
    thor (0.19.4)
    thread_safe (0.3.6)
    tilt (1.4.1)
    timecop (0.8.1)
    timers (4.0.1)
      hitimes
    turn (0.9.7)
      ansi
      minitest (~> 4)
    tzinfo (0.3.53)
    unf (0.1.4)
      unf_ext
    unf_ext (0.0.7.4)
    unicorn (4.6.2)
      kgio (~> 2.6)
      rack
      raindrops (~> 0.7)
    webmock (1.21.0)
      addressable (>= 2.3.6)
      crack (>= 0.3.2)
    whenever (0.9.7)
      chronic (>= 0.6.3)

PLATFORMS
  ruby

DEPENDENCIES
  activesupport (~> 4.0)
  airbrake (~> 4.0)
  ci_reporter (= 1.7.1)
  foreman (< 0.84.0)
  gds-api-adapters (~> 21.0)
  logging (= 2.2.2)
  minitest (= 4.7.5)
  mocha
  mr-sparkle (= 0.3.0)
  nokogiri (~> 1.5)
  plek (= 2.0.0)
  pry
  rack (~> 1.6)
  rack-logstasher (= 0.0.3)
  rack-test
  rake (= 12.0.0)
  redis-namespace (= 1.5.3)
  rest-client (= 1.8.0)
  shoulda-context
  sidekiq (= 2.13.0)
  simplecov (~> 0.14.1)
  simplecov-rcov
  sinatra (= 1.3.4)
  slop (= 3.6.0)
  thin
  timecop (= 0.8.1)
  turn
  unf (= 0.1.4)
  unicorn (= 4.6.2)
  webmock (~> 1.21.0)
  whenever
