GIT
  remote: git://github.com/theodi/gds-api-adapters.git
  revision: fe9a4730ea6bcc16cf3bbcf9e24d86628475ae8f
  specs:
    gds-api-adapters (7.25.0)
      activesupport
      link_header
      lrucache (~> 0.1.1)
      null_logger
      plek
      rest-client (~> 1.6.3)

GEM
  remote: https://rubygems.org/
  remote: https://BnrJb6FZyzspBboNJzYZ@gem.fury.io/govuk/
  specs:
    PriorityQueue (0.1.2)
    activesupport (3.2.21)
      i18n (~> 0.6, >= 0.6.4)
      multi_json (~> 1.0)
    addressable (2.3.3)
    airbrake (4.1.0)
      builder
      multi_json
    ansi (1.4.3)
    aws-ses (0.4.4)
      builder
      mail (> 2.2.5)
      mime-types
      xml-simple
    builder (3.1.3)
    celluloid (0.14.1)
      timers (>= 1.0.0)
    chronic (0.9.1)
    ci_reporter (1.7.1)
      builder (>= 2.1.2)
    connection_pool (1.1.0)
    crack (0.3.2)
    daemons (1.1.9)
    dotenv (0.7.0)
    eventmachine (1.0.3)
    ffi (1.9.0)
    ffi-aspell (0.0.3)
      ffi (>= 1.0.11)
    foreman (0.64.0)
      dotenv (~> 0.7.0)
      thor (>= 0.13.6)
    i18n (0.7.0)
    json (1.7.7)
    kgio (2.8.0)
    link_header (0.0.8)
    listen (1.2.2)
      rb-fsevent (>= 0.9.3)
      rb-inotify (>= 0.9)
      rb-kqueue (>= 0.2)
    little-plugger (1.1.3)
    logging (1.8.1)
      little-plugger (>= 1.1.3)
      multi_json (>= 1.3.6)
    logstash-event (1.2.02)
    lrucache (0.1.4)
      PriorityQueue (~> 0.1.2)
    mail (2.4.4)
      i18n (>= 0.4.0)
      mime-types (~> 1.16)
      treetop (~> 1.4.8)
    metaclass (0.0.1)
    mime-types (1.19)
    minitest (4.6.1)
    mocha (0.13.2)
      metaclass (~> 0.0.1)
    mr-sparkle (0.2.0)
      listen (~> 1.0)
      rb-fsevent (>= 0.9)
      rb-inotify (>= 0.8)
      unicorn (>= 4.5)
    multi_json (1.3.6)
    newrelic_rpm (3.6.7.152)
    nokogiri (1.5.5)
    null_logger (0.0.1)
    plek (1.5.0)
    polyglot (0.3.3)
    rack (1.5.2)
    rack-logstasher (0.0.3)
      logstash-event
      rack
    rack-protection (1.3.2)
      rack
    rack-test (0.6.1)
      rack (>= 1.0)
    raindrops (0.11.0)
    rake (0.9.2)
    rb-fsevent (0.9.3)
    rb-inotify (0.9.0)
      ffi (>= 0.5.0)
    rb-kqueue (0.2.0)
      ffi (>= 0.5.0)
    redis (3.0.4)
    redis-namespace (1.3.1)
      redis (~> 3.0.0)
    rest-client (1.6.7)
      mime-types (>= 1.16)
    shoulda-context (1.1.1)
    sidekiq (2.13.0)
      celluloid (>= 0.14.1)
      connection_pool (>= 1.0.0)
      json
      redis (>= 3.0)
      redis-namespace
    simplecov (0.7.1)
      multi_json (~> 1.0)
      simplecov-html (~> 0.7.1)
    simplecov-html (0.7.1)
    simplecov-rcov (0.2.3)
      simplecov (>= 0.4.1)
    sinatra (1.3.4)
      rack (~> 1.4)
      rack-protection (~> 1.3)
      tilt (~> 1.3, >= 1.3.3)
    slop (3.4.5)
    thin (1.6.2)
      daemons (>= 1.0.9)
      eventmachine (>= 1.0.0)
      rack (>= 1.0.0)
    thor (0.19.1)
    tilt (1.3.3)
    timers (1.1.0)
    treetop (1.4.10)
      polyglot
      polyglot (>= 0.3.1)
    turn (0.9.6)
      ansi
    unf (0.1.3)
      unf_ext
    unf_ext (0.0.6)
    unicorn (4.6.2)
      kgio (~> 2.6)
      rack
      raindrops (~> 0.7)
    webmock (1.9.3)
      addressable (>= 2.2.7)
      crack (>= 0.3.2)
    whenever (0.8.2)
      activesupport (>= 2.3.4)
      chronic (>= 0.6.3)
    xml-simple (1.1.1)
    yajl-ruby (1.1.0)

PLATFORMS
  ruby

DEPENDENCIES
  activesupport (~> 3.2)
  airbrake
  aws-ses (= 0.4.4)
  ci_reporter (= 1.7.1)
  ffi-aspell (= 0.0.3)
  foreman (< 0.65.0)
  gds-api-adapters!
  json (= 1.7.7)
  logging (= 1.8.1)
  minitest (= 4.6.1)
  mocha
  mr-sparkle (= 0.2.0)
  multi_json (= 1.3.6)
  newrelic_rpm (= 3.6.7.152)
  nokogiri (= 1.5.5)
  plek (= 1.5.0)
  rack (= 1.5.2)
  rack-logstasher (= 0.0.3)
  rack-test
  raindrops (= 0.11.0)
  rake (= 0.9.2)
  redis-namespace (= 1.3.1)
  rest-client (= 1.6.7)
  shoulda-context
  sidekiq (= 2.13.0)
  simplecov
  simplecov-rcov
  sinatra (= 1.3.4)
  slop (= 3.4.5)
  thin
  turn
  unf (= 0.1.3)
  unicorn (= 4.6.2)
  webmock (= 1.9.3)
  whenever
  yajl-ruby (= 1.1.0)
